GEM
  remote: https://rubygems.org/
  specs:
    activesupport (3.2.8)
      i18n (~> 0.6)
      multi_json (~> 1.0)
    delayed_job (3.0.3)
      activesupport (~> 3.0)
    i18n (0.6.0)
    jruby-rack (1.1.10)
    json (1.7.5)
    json (1.7.5-java)
    metaclass (0.0.1)
    mocha (0.12.6)
      metaclass (~> 0.0.1)
    multi_json (1.3.6)
    navvy (0.3.2)
    rack (1.4.1)
    rack-protection (1.2.0)
      rack
    rake (0.9.2.2)
    redis (3.0.1)
    redis-namespace (1.2.1)
      redis (~> 3.0.0)
    resque (1.23.0)
      multi_json (~> 1.0)
      redis-namespace (~> 1.0)
      sinatra (>= 0.9.2)
      vegas (~> 0.1.2)
    sinatra (1.3.3)
      rack (~> 1.3, >= 1.3.6)
      rack-protection (~> 1.2)
      tilt (~> 1.3, >= 1.3.3)
    test-unit (2.5.2)
    test-unit-context (0.1.0)
      test-unit (>= 2.4.0)
    tilt (1.3.3)
    vegas (0.1.11)
      rack (>= 1.0.0)

PLATFORMS
  java

DEPENDENCIES
  delayed_job
  jruby-rack
  json
  mocha
  navvy
  rake
  resque
  test-unit
  test-unit-context
